GEM
  remote: https://rubygems.org/
  specs:
    activesupport (3.1.12)
      multi_json (~> 1.0)
    backports (3.3.5)
    chunky_png (1.2.9)
    closure-compiler (1.1.10)
    compass (0.12.2)
      chunky_png (~> 1.2)
      fssm (>= 0.2.7)
      sass (~> 3.1)
    csso-rails (0.3.2)
      execjs (>= 1)
    excon (0.31.0)
    execjs (2.0.2)
    fssm (0.2.10)
    gibbon (1.0.4)
      httparty
      multi_json (>= 1.3.4)
    haml (4.0.4)
      tilt
    hike (1.2.3)
    httparty (0.12.0)
      json (~> 1.8)
      multi_xml (>= 0.5.2)
    intercom (0.1.17)
    json (1.8.1)
    mandrill-api (1.0.49)
      excon (>= 0.16.0, < 1.0)
      json (>= 1.7.7, < 2.0)
    multi_json (1.8.2)
    multi_xml (0.5.5)
    newrelic_rpm (3.7.0.177)
    puma (2.7.1)
      rack (>= 1.1, < 2.0)
    rack (1.5.2)
    rack-google-analytics (0.12.0)
    rack-protection (1.5.1)
      rack
    rack-test (0.6.2)
      rack (>= 1.0)
    sass (3.2.12)
    sinatra (1.4.4)
      rack (~> 1.4)
      rack-protection (~> 1.4)
      tilt (~> 1.3, >= 1.3.4)
    sinatra-contrib (1.4.2)
      backports (>= 2.0)
      multi_json
      rack-protection
      rack-test
      sinatra (~> 1.4.0)
      tilt (~> 1.3)
    sinatra-reloader (1.0)
      sinatra-contrib
    sinatra-support (1.2.2)
      sinatra (>= 1.0)
    sprockets (2.10.1)
      hike (~> 1.2)
      multi_json (~> 1.0)
      rack (~> 1.0)
      tilt (~> 1.1, != 1.3.0)
    sprockets-helpers (1.1.0)
      sprockets (~> 2.0)
    sprockets-sass (1.0.2)
      sprockets (~> 2.0)
      tilt (~> 1.1)
    tilt (1.4.1)

PLATFORMS
  ruby

DEPENDENCIES
  activesupport (~> 3.1.0)
  closure-compiler
  compass
  csso-rails
  gibbon
  haml
  intercom
  mandrill-api
  newrelic_rpm
  puma
  rack-google-analytics
  sass
  sinatra
  sinatra-contrib
  sinatra-reloader
  sinatra-support
  sprockets
  sprockets-helpers
  sprockets-sass
